GEM
  remote: http://gem.thinkwell.com/
  remote: http://rubygems.org/
  specs:
    activesupport (3.0.10)
    addressable (2.2.6)
    crack (0.1.8)
    diff-lcs (1.1.2)
    git (1.2.5)
    i18n (0.6.0)
    jeweler (1.5.2)
      bundler (~> 1.0.0)
      git (>= 1.2.5)
      rake
    john-hancock (0.0.4)
      activesupport
      i18n
    json (1.5.4)
    rake (0.9.2)
    rcov (0.9.9)
    rdoc (3.9.4)
    rspec (2.3.0)
      rspec-core (~> 2.3.0)
      rspec-expectations (~> 2.3.0)
      rspec-mocks (~> 2.3.0)
    rspec-core (2.3.1)
    rspec-expectations (2.3.0)
      diff-lcs (~> 1.1.2)
    rspec-mocks (2.3.0)
    vcr (1.11.2)
    webmock (1.7.5)
      addressable (~> 2.2, > 2.2.5)
      crack (>= 0.1.7)

PLATFORMS
  ruby

DEPENDENCIES
  activesupport
  bundler (~> 1.0.0)
  jeweler (~> 1.5.2)
  john-hancock (>= 0.0.4)
  json
  rcov
  rdoc
  rspec (~> 2.3.0)
  vcr
  webmock
